GEM
  remote: https://rubygems.org/
  specs:
    numo-narray (0.9.1.4)

PLATFORMS
  ruby

DEPENDENCIES
  numo-narray

BUNDLED WITH
   2.0.1
