GEM
  remote: https://rubygems.org/
  specs:
    byebug (11.0.1)
    coderay (1.1.2)
    csv (3.1.1)
    irb (1.0.0)
    matplotlib (1.0.0)
      pycall (>= 1.0.0)
    method_source (0.9.2)
    numo-narray (0.9.1.4)
    power_assert (1.1.4)
    pry (0.12.2)
      coderay (~> 1.1.0)
      method_source (~> 0.9.0)
    pry-byebug (3.7.0)
      byebug (~> 11.0)
      pry (~> 0.10)
    pycall (1.2.1)
    rake (13.0.1)
    red-datasets (0.0.8)
      csv (>= 3.0.5)
      rubyzip
    rubyzip (2.0.0)
    test-unit (3.3.2)
      power_assert

PLATFORMS
  ruby

DEPENDENCIES
  irb
  matplotlib
  numo-narray
  pry-byebug
  rake
  red-datasets
  test-unit

BUNDLED WITH
   2.0.2
