GEM
  remote: https://rubygems.org/
  specs:
    numo-narray (0.9.1.4)
    power_assert (1.1.4)
    test-unit (3.3.2)
      power_assert

PLATFORMS
  ruby

DEPENDENCIES
  numo-narray
  test-unit

BUNDLED WITH
   2.0.1
